GEM
  specs:
    activemodel (3.2.14)
      activesupport (= 3.2.14)
      builder (~> 3.0.0)
    activesupport (3.2.14)
      i18n (~> 0.6, >= 0.6.4)
      multi_json (~> 1.0)
    builder (3.0.4)
    httparty (0.8.2)
      multi_json
      multi_xml
    i18n (0.6.9)
    mongoid (3.1.5)
      activemodel (~> 3.2)
      moped (~> 1.4)
      origin (~> 1.0)
      tzinfo (~> 0.3.29)
    moped (1.5.1)
    multi_json (1.10.1)
    multi_xml (0.5.5)
    origin (1.1.0)
    rake (10.3.2)
    tzinfo (0.3.39)

PLATFORMS
  ruby

DEPENDENCIES
  httparty
  mongoid
  rake
